GEM
  remote: https://rubygems.org/
  specs:
    rake (11.3.0)

PLATFORMS
  ruby

DEPENDENCIES
  rake (~> 11.0)

BUNDLED WITH
   1.15.1
